GEM
  remote: https://rubygems.org/
  specs:
    byebug (11.0.0)
    ice_nine (0.11.1)

PLATFORMS
  ruby

DEPENDENCIES
  byebug (~> 11.0.0)
  ice_nine (~> 0.11.1)

BUNDLED WITH
   2.1.4
